GEM
  remote: https://rubygems.org/
  specs:
    rack (1.5.2)
    rack-protection (1.5.2)
      rack
    rackup (0.1.0)
      rack
      webrick
    sinatra (1.4.4)
      rack (~> 1.4)
      rack-protection (~> 1.4)
      tilt (~> 1.3, >= 1.3.4)
    tilt (1.4.1)
    webrick (1.7.0)

PLATFORMS
  ruby

DEPENDENCIES
  rackup
  sinatra

BUNDLED WITH
   2.3.9
